PATH
  remote: .
  specs:
    arturo (0.2.3.7)
      rails (~> 2.3.8)

GEM
  remote: http://rubygems.org/
  specs:
    actionmailer (2.3.14)
      actionpack (= 2.3.14)
    actionpack (2.3.14)
      activesupport (= 2.3.14)
      rack (~> 1.1.0)
    activerecord (2.3.14)
      activesupport (= 2.3.14)
    activeresource (2.3.14)
      activesupport (= 2.3.14)
    activesupport (2.3.14)
    factory_girl (1.3.3)
    metaclass (0.0.1)
    mocha (0.10.0)
      metaclass (~> 0.0.1)
    rack (1.1.2)
    rails (2.3.14)
      actionmailer (= 2.3.14)
      actionpack (= 2.3.14)
      activerecord (= 2.3.14)
      activeresource (= 2.3.14)
      activesupport (= 2.3.14)
      rake (>= 0.8.3)
    rake (0.9.2.2)
    redgreen (1.2.2)
    sqlite3 (1.3.5)
    sqlite3-ruby (1.3.3)
      sqlite3 (>= 1.3.3)
    timecop (0.3.5)

PLATFORMS
  ruby

DEPENDENCIES
  arturo!
  factory_girl (~> 1.3)
  mocha
  rake
  redgreen (~> 1.2)
  sqlite3-ruby (~> 1.3)
  timecop (~> 0.3)
