PATH
  remote: .
  specs:
    arturo (0.2.4)
      rails (~> 2.3.8)

GEM
  remote: http://rubygems.org/
  specs:
    actionmailer (2.3.18)
      actionpack (= 2.3.18)
    actionpack (2.3.18)
      activesupport (= 2.3.18)
      rack (~> 1.1.0)
    activerecord (2.3.18)
      activesupport (= 2.3.18)
    activeresource (2.3.18)
      activesupport (= 2.3.18)
    activesupport (2.3.18)
    bump (0.4.0)
    factory_girl (1.3.3)
    metaclass (0.0.1)
    mocha (0.10.0)
      metaclass (~> 0.0.1)
    rack (1.1.6)
    rails (2.3.18)
      actionmailer (= 2.3.18)
      actionpack (= 2.3.18)
      activerecord (= 2.3.18)
      activeresource (= 2.3.18)
      activesupport (= 2.3.18)
      rake (>= 0.8.3)
    rake (0.9.2.2)
    sqlite3 (1.3.5)
    sqlite3-ruby (1.3.3)
      sqlite3 (>= 1.3.3)
    test-unit (2.5.4)
    timecop (0.3.5)

PLATFORMS
  ruby

DEPENDENCIES
  arturo!
  bump
  factory_girl (~> 1.3)
  mocha
  rake
  sqlite3-ruby (~> 1.3)
  test-unit (>= 2.5.3)
  timecop (~> 0.3)
